GEM
  remote: http://rubygems.org/
  specs:
    abstract (1.0.0)
    columnize (0.3.1)
    erubis (2.6.6)
      abstract (>= 1.0.0)
    extlib (0.9.15)
    json_pure (1.4.6)
    linecache (0.43)
    merb-core (1.0.15)
      erubis (>= 2.6.2)
      extlib (>= 0.9.8)
      json_pure
      mime-types
      rack
      rake
      rspec
      thor (~> 0.9.9)
    mime-types (1.16)
    rack (1.2.1)
    rake (0.8.7)
    rcov (0.9.9)
    rr (1.0.0)
    rspec (1.3.1)
    ruby-debug (0.10.3)
      columnize (>= 0.1)
      ruby-debug-base (~> 0.10.3.0)
    ruby-debug-base (0.10.3)
      linecache (>= 0.3)
    thor (0.9.9)
    toadhopper (1.0.4)

PLATFORMS
  ruby

DEPENDENCIES
  bundler (~> 1.0.0)
  merb-core (~> 1.0.15)
  rake
  rcov
  rr
  rspec (= 1.3.1)
  ruby-debug
  toadhopper (~> 1.0.4)
